FRAMEWORK: NET452
NUGET
  remote: https://api.nuget.org/v3/index.json
    FAKE (4.55)
    FSharp.Core (4.1.0.2)
      System.ValueTuple (>= 4.3)
    System.ValueTuple (4.3)
    Unquote (3.1.2)
    xunit (2.2)
      xunit.assert (2.2)
      xunit.core (2.2)
    xunit.abstractions (2.0.1)
    xunit.assert (2.2)
    xunit.core (2.2)
      xunit.extensibility.core (2.2)
      xunit.extensibility.execution (2.2)
    xunit.extensibility.core (2.2)
      xunit.abstractions (>= 2.0.1)
    xunit.extensibility.execution (2.2)
      xunit.extensibility.core (2.2)
    xunit.runner.console (2.2)
    xunit.runner.visualstudio (2.2.0) - version_in_path: true
