STRATEGY: MAX
FRAMEWORK: NET452
NUGET
  remote: https://www.nuget.org/api/v2
    Argu (3.7)
    FAKE (4.56)
    FSharp.Core (4.1.0.2) - redirects: force
      System.ValueTuple (>= 4.3)
    Newtonsoft.Json (10.0.1) - redirects: force
    NLog (4.4.4) - redirects: force
    System.ValueTuple (4.3) - redirects: force
GITHUB
  remote: Ravadre/NLog.FSharp
    NLog.FSharp/Logger.fs (3e050e2d35f9d1e0e98e75351c14897ac38f98e3)
GROUP Test
STRATEGY: MAX
NUGET
  remote: https://www.nuget.org/api/v2
    Microsoft.DotNet.PlatformAbstractions (1.1.1) - version_in_path: true, framework: netcore10
    Microsoft.Extensions.DependencyModel (1.1.1) - version_in_path: true, framework: netcore10
    Microsoft.TestPlatform.ObjectModel (15.0.0) - version_in_path: true, framework: netcore10
    NETStandard.Library (1.6.1) - version_in_path: true, framework: >= net452, >= netstandard11, netcore10
    System.Threading.ThreadPool (4.3.0) - version_in_path: true, framework: netcore10
    Unquote (3.1.2)
    xunit (2.2)
      xunit.assert (2.2)
      xunit.core (2.2)
    xunit.abstractions (2.0.1) - framework: >= net452, >= netstandard11
      NETStandard.Library (>= 1.6) - framework: >= netstandard10
    xunit.assert (2.2)
      NETStandard.Library (>= 1.6) - framework: >= netstandard11
    xunit.core (2.2)
      xunit.extensibility.core (2.2)
      xunit.extensibility.execution (2.2)
    xunit.extensibility.core (2.2)
      NETStandard.Library (>= 1.6) - framework: >= netstandard11
      xunit.abstractions (>= 2.0.1) - framework: >= net452, >= netstandard11
    xunit.extensibility.execution (2.2)
      NETStandard.Library (>= 1.6) - framework: >= netstandard11
      xunit.extensibility.core (2.2) - framework: >= net452, >= netstandard11
    xunit.runner.console (2.2)
    xunit.runner.visualstudio (2.2.0) - version_in_path: true
      Microsoft.DotNet.PlatformAbstractions (>= 1.1) - framework: netcore10
      Microsoft.Extensions.DependencyModel (>= 1.1) - framework: netcore10
      Microsoft.TestPlatform.ObjectModel (>= 11.0) - framework: netcore10
      NETStandard.Library (>= 1.6) - framework: netcore10
      System.Threading.ThreadPool (>= 4.0.10) - framework: netcore10

GROUP VSOClient
STRATEGY: MAX
NUGET
  remote: https://www.nuget.org/api/v2
    Microsoft.AspNet.WebApi.Client (5.2.3) - framework: >= net45
      Newtonsoft.Json (>= 6.0.4) - framework: >= net45, portable-wp80+win+wp81+wpa81
    Microsoft.IdentityModel.Clients.ActiveDirectory (3.13.9) - framework: >= net45
    Microsoft.IdentityModel.Logging (1.1.3) - framework: >= net451
    Microsoft.IdentityModel.Tokens (5.1.3) - framework: >= net451
      Microsoft.IdentityModel.Logging (>= 1.1.3) - framework: >= net451, >= netstandard14
      Newtonsoft.Json (>= 9.0.1) - framework: >= net451, >= netstandard14
    Microsoft.TeamFoundation.DistributedTask.Common (15.112.1) - framework: >= net45
      Microsoft.Tpl.Dataflow (>= 4.5.24) - framework: >= net45
      Microsoft.VisualStudio.Services.Client (15.112.1) - framework: >= net45
      Newtonsoft.Json (>= 8.0.3) - framework: >= net45
    Microsoft.TeamFoundationServer.Client (15.112.1)
      Microsoft.AspNet.WebApi.Client (>= 5.2.2) - framework: >= net45
      Microsoft.TeamFoundation.DistributedTask.Common (15.112.1) - framework: >= net45
      Microsoft.VisualStudio.Services.Client (15.112.1) - framework: >= net45
      Newtonsoft.Json (>= 8.0.3) - framework: >= net45
    Microsoft.Tpl.Dataflow (4.5.24) - framework: >= net45
    Microsoft.VisualStudio.Services.Client (15.112.1)
      Microsoft.AspNet.WebApi.Client (>= 5.2.2) - framework: >= net45
      Newtonsoft.Json (>= 8.0.3) - framework: >= net45
    Microsoft.VisualStudio.Services.InteractiveClient (15.112.1)
      Microsoft.AspNet.WebApi.Client (>= 5.2.2) - framework: >= net45
      Microsoft.IdentityModel.Clients.ActiveDirectory (>= 3.13.5) - framework: >= net45
      Microsoft.VisualStudio.Services.Client (15.112.1) - framework: >= net45
      Newtonsoft.Json (>= 8.0.3) - framework: >= net45
      System.IdentityModel.Tokens.Jwt (>= 4.0.2.206221351) - framework: >= net45
      WindowsAzure.ServiceBus (>= 3.3.2) - framework: >= net45
    Newtonsoft.Json (10.0.1) - framework: >= net45
    System.IdentityModel.Tokens.Jwt (5.1.3) - framework: >= net45
      Microsoft.IdentityModel.Tokens (>= 5.1.3) - framework: >= net451, >= netstandard14
    WindowsAzure.ServiceBus (4.0) - framework: >= net45
